PATH
  remote: .
  specs:
    onionurigen (0.1.7)
      base32 (~> 0)
      openssl_pkcs8_pure (~> 0)

GEM
  remote: https://rubygems.org/
  specs:
    base32 (0.3.2)
    diff-lcs (1.3)
    openssl_pkcs8_pure (0.0.0.2)
    rake (10.5.0)
    rspec (3.7.0)
      rspec-core (~> 3.7.0)
      rspec-expectations (~> 3.7.0)
      rspec-mocks (~> 3.7.0)
    rspec-core (3.7.0)
      rspec-support (~> 3.7.0)
    rspec-expectations (3.7.0)
      diff-lcs (>= 1.2.0, < 2.0)
      rspec-support (~> 3.7.0)
    rspec-mocks (3.7.0)
      diff-lcs (>= 1.2.0, < 2.0)
      rspec-support (~> 3.7.0)
    rspec-support (3.7.0)

PLATFORMS
  ruby

DEPENDENCIES
  base32
  bundler (~> 1.16.a)
  onionurigen!
  openssl_pkcs8_pure
  rake (~> 10.0)
  rspec (~> 3.0)

BUNDLED WITH
   1.16.0.pre.2
